GEM
  remote: https://rubygems.org/
  specs:
    activemodel (5.0.0.1)
      activesupport (= 5.0.0.1)
    activerecord (5.0.0.1)
      activemodel (= 5.0.0.1)
      activesupport (= 5.0.0.1)
      arel (~> 7.0)
    activesupport (5.0.0.1)
      concurrent-ruby (~> 1.0, >= 1.0.2)
      i18n (~> 0.7)
      minitest (~> 5.1)
      tzinfo (~> 1.1)
    arel (7.1.1)
    concurrent-ruby (1.0.2)
    ffi (1.9.14)
    i18n (0.7.0)
    minitest (5.9.0)
    rbnacl (3.4.0)
      ffi
    rbnacl-libsodium (1.0.10)
      rbnacl (>= 3.0.1)
    thor (0.19.1)
    thread_safe (0.3.5)
    tzinfo (1.2.2)
      thread_safe (~> 0.1)

PLATFORMS
  ruby

DEPENDENCIES
  activerecord
  rbnacl-libsodium
  thor

BUNDLED WITH
   1.12.5
